GEM
  remote: https://rubygems.org/
  specs:
    coderay (1.1.0)
    cowsay (0.2.0)
    json (1.8.2)
    method_source (0.8.2)
    mime-types (2.4.3)
    mini_portile (0.6.2)
    netrc (0.10.2)
    nokogiri (1.6.6.2)
      mini_portile (~> 0.6.0)
    pry (0.10.1)
      coderay (~> 1.1.0)
      method_source (~> 0.8.1)
      slop (~> 3.4)
    rest-client (1.7.2)
      mime-types (>= 1.16, < 3.0)
      netrc (~> 0.7)
    slop (3.6.0)
    stock_quote (1.2.1)
      json
      rest-client (~> 1.6)

PLATFORMS
  ruby

DEPENDENCIES
  cowsay
  nokogiri
  pry
  stock_quote
